GEM
  remote: http://rubygems.org/
  specs:
    pg (0.18.4)
    puma (2.15.3)
    rack (1.6.4)
    rack-protection (1.5.3)
      rack
    shotgun (0.9.1)
      rack (>= 1.0)
    sinatra (1.4.6)
      rack (~> 1.4)
      rack-protection (~> 1.4)
      tilt (>= 1.3, < 3)
    sinatra-flash (0.3.0)
      sinatra (>= 1.0.0)
    slim (3.0.6)
      temple (~> 0.7.3)
      tilt (>= 1.3.3, < 2.1)
    sqlite3 (1.3.11)
    temple (0.7.6)
    tilt (2.0.1)

PLATFORMS
  ruby

DEPENDENCIES
  pg
  puma
  shotgun
  sinatra
  sinatra-flash
  slim
  sqlite3
  tilt

BUNDLED WITH
   1.10.6
